GEM
  remote: https://rubygems.org/
  specs:
    mysql2 (0.5.6)
    rack (3.1.3)
    rackup (2.1.0)
      rack (>= 3)
      webrick (~> 1.8)
    roda (3.81.0)
      rack
    tilt (2.3.0)
    webrick (1.8.1)

PLATFORMS
  arm64-darwin-23
  ruby

DEPENDENCIES
  mysql2
  rackup
  roda
  tilt

BUNDLED WITH
   2.5.9
